GIT
  remote: https://github.com/jeffkowalski/influxdb-ruby.git
  revision: 1cfcc503b96b7e275a7f629def3a42d7357d9b93
  specs:
    influxdb (0.7.1)

GEM
  remote: https://rubygems.org/
  specs:
    addressable (2.7.0)
      public_suffix (>= 2.0.2, < 5.0)
    coderay (1.1.3)
    mail (2.7.1)
      mini_mime (>= 0.1.1)
    method_source (1.0.0)
    mini_mime (1.0.2)
    pry (0.13.1)
      coderay (~> 1.1)
      method_source (~> 1.0)
    pry-doc (1.1.0)
      pry (~> 0.11)
      yard (~> 0.9.11)
    public_suffix (4.0.5)
    thor (1.0.1)
    yard (0.9.25)

PLATFORMS
  ruby

DEPENDENCIES
  addressable
  influxdb!
  mail
  method_source (>= 0.8.2)
  pry
  pry-doc (>= 0.6.0)
  thor

BUNDLED WITH
   2.1.4
